NUGET
  remote: https://nuget.org/api/v2
  specs:
    Newtonsoft.Json (8.0.2)
GITHUB
  remote: fsprojects/Chessie
  specs:
    src/Chessie/ErrorHandling.fs (ee4acb4cda067b0b0329d3678a594808ce4650ac)
  remote: fsharp/FSharp.Data
  specs:
    src/CommonRuntime/IO.fs (9b01f37126d5b2487dac5da7899bb2b1a5cb56ef)
    src/CommonRuntime/TextConversions.fs (9b01f37126d5b2487dac5da7899bb2b1a5cb56ef)
    src/Json/JsonValue.fs (9b01f37126d5b2487dac5da7899bb2b1a5cb56ef)
    src/Net/Http.fs (9b01f37126d5b2487dac5da7899bb2b1a5cb56ef)
    src/Net/UriUtils.fs (9b01f37126d5b2487dac5da7899bb2b1a5cb56ef)
GROUP Build
NUGET
  remote: https://nuget.org/api/v2
  specs:
    FAKE (4.14.8)
    FSharp.Compiler.Service (1.4.2.3)
    FSharp.Formatting (2.13.2)
      FSharp.Compiler.Service (>= 1.4.2 < 1.5.0)
      FSharpVSPowerTools.Core (>= 2.2.0 < 2.3.0)
    FSharpVSPowerTools.Core (2.2.0)
      FSharp.Compiler.Service (>= 1.4.2.0)
    Microsoft.Bcl (1.1.10)
      Microsoft.Bcl.Build (>= 1.0.14)
    Microsoft.Bcl.Build (1.0.21) - import_targets: false
    Microsoft.Net.Http (2.2.29)
      Microsoft.Bcl (>= 1.1.10)
      Microsoft.Bcl.Build (>= 1.0.14)
    Octokit (0.17.0)
      Microsoft.Net.Http
    SourceLink.Fake (1.1.0)
GITHUB
  remote: fsharp/FAKE
  specs:
    modules/Octokit/Octokit.fsx (7d3362bb4077bfa4a4c337213e7ff9d28b4c45c8)
      Octokit
GROUP Test
NUGET
  remote: https://nuget.org/api/v2
  specs:
    NUnit (3.0.1)
    NUnit.Console (3.0.1)
    NUnit.Runners (3.0.1)
      NUnit.Console (3.0.1)
