RESTRICTION: == net46
NUGET
  remote: https://www.nuget.org/api/v2
    FParsec (1.0.2)
    FSharp.Core (4.2.1) - redirects: force

GROUP Build
RESTRICTION: == net46
NUGET
  remote: https://www.nuget.org/api/v2
    FAKE (4.62.1)
    FSharp.Compiler.Service (2.0.0.6)
    FSharp.Compiler.Tools (4.1.23)
    FSharp.Formatting (2.14.4)
      FSharp.Compiler.Service (2.0.0.6)
      FSharpVSPowerTools.Core (>= 2.3 < 2.4)
    FSharpVSPowerTools.Core (2.3)
      FSharp.Compiler.Service (>= 2.0.0.3)
    Octokit (0.24)
    SourceLink.Fake (1.1)
GITHUB
  remote: fsharp/FAKE
    modules/Octokit/Octokit.fsx (09b5bc7ac1602dc3c3d55eeaee185363209b73cf)
      Octokit (>= 0.20)
GROUP Test
RESTRICTION: == net46
NUGET
  remote: https://www.nuget.org/api/v2
    FsCheck (2.9)
      FSharp.Core (>= 4.1)
    FsCheck.Nunit (2.9)
      FsCheck (>= 2.9)
      NUnit (>= 3.6.1 < 3.7)
    FSharp.Core (4.2.1)
    NUnit (3.6.1)
    NUnit.ConsoleRunner (3.6.1)
    NUnit.Extension.NUnitProjectLoader (3.5)
    NUnit.Extension.NUnitV2Driver (3.6)
    NUnit.Extension.NUnitV2ResultWriter (3.5)
    NUnit.Extension.TeamCityEventListener (1.0.2)
    NUnit.Extension.VSProjectLoader (3.5)
    NUnit.Runners (3.6.1)
      NUnit.ConsoleRunner (>= 3.6.1)
      NUnit.Extension.NUnitProjectLoader (>= 3.5)
      NUnit.Extension.NUnitV2Driver (>= 3.6)
      NUnit.Extension.NUnitV2ResultWriter (>= 3.5)
      NUnit.Extension.TeamCityEventListener (>= 1.0.2)
      NUnit.Extension.VSProjectLoader (>= 3.5)
